GEM
  remote: https://rubygems.org/
  specs:
    addressable (2.8.1)
      public_suffix (>= 2.0.2, < 6.0)
    down (5.0.0)
      addressable (~> 2.5)
    public_suffix (5.0.0)

PLATFORMS
  ruby

DEPENDENCIES
  down

BUNDLED WITH
   1.17.2
